GIT
  remote: https://github.com/puppetlabs/vmpooler-provider-gce.git
  revision: 2a0e9f5bdc45c5c9c656f3763df296a6ab2a522a
  specs:
    vmpooler-provider-gce (0.1.0)
      google-apis-compute_v1 (~> 0.14)
      googleauth (~> 0.16.2)

GIT
  remote: https://github.com/puppetlabs/vmpooler-provider-vsphere.git
  revision: 4fa14cc94f2649188efc9f9555ec598b30213e69
  specs:
    vmpooler-provider-vsphere (1.3.0)
      rbvmomi (>= 2.1, < 4.0)

GIT
  remote: https://github.com/puppetlabs/vmpooler.git
  revision: 3c61050032615993285ba965100cd9461b9e8652
  specs:
    vmpooler (2.0.0)
      concurrent-ruby (~> 1.1)
      connection_pool (~> 2.2)
      net-ldap (~> 0.16)
      nokogiri (~> 1.10)
      opentelemetry-exporter-jaeger (= 0.17.0)
      opentelemetry-instrumentation-concurrent_ruby (= 0.17.0)
      opentelemetry-instrumentation-redis (= 0.17.0)
      opentelemetry-instrumentation-sinatra (= 0.17.0)
      opentelemetry-resource_detectors (= 0.17.0)
      opentelemetry-sdk (= 0.17.0)
      pickup (~> 0.0.11)
      prometheus-client (~> 2.0)
      puma (~> 5.0, >= 5.0.4)
      rack (~> 2.2)
      rake (~> 13.0)
      redis (~> 4.1)
      sinatra (~> 2.0)
      spicy-proton (~> 2.1)
      statsd-ruby (~> 1.4)

GEM
  remote: https://rubygems.org/
  specs:
    addressable (2.8.0)
      public_suffix (>= 2.0.2, < 5.0)
    bindata (2.4.10)
    builder (3.2.4)
    concurrent-ruby (1.1.9)
    connection_pool (2.2.5)
    declarative (0.0.20)
    faraday (1.8.0)
      faraday-em_http (~> 1.0)
      faraday-em_synchrony (~> 1.0)
      faraday-excon (~> 1.1)
      faraday-httpclient (~> 1.0.1)
      faraday-net_http (~> 1.0)
      faraday-net_http_persistent (~> 1.1)
      faraday-patron (~> 1.0)
      faraday-rack (~> 1.0)
      multipart-post (>= 1.2, < 3)
      ruby2_keywords (>= 0.0.4)
    faraday-em_http (1.0.0)
    faraday-em_synchrony (1.0.0)
    faraday-excon (1.1.0)
    faraday-httpclient (1.0.1)
    faraday-net_http (1.0.1)
    faraday-net_http_persistent (1.2.0)
    faraday-patron (1.0.0)
    faraday-rack (1.0.0)
    google-apis-compute_v1 (0.21.0)
      google-apis-core (>= 0.4, < 2.a)
    google-apis-core (0.4.1)
      addressable (~> 2.5, >= 2.5.1)
      googleauth (>= 0.16.2, < 2.a)
      httpclient (>= 2.8.1, < 3.a)
      mini_mime (~> 1.0)
      representable (~> 3.0)
      retriable (>= 2.0, < 4.a)
      rexml
      webrick
    google-cloud-env (1.5.0)
      faraday (>= 0.17.3, < 2.0)
    googleauth (0.16.2)
      faraday (>= 0.17.3, < 2.0)
      jwt (>= 1.4, < 3.0)
      memoist (~> 0.16)
      multi_json (~> 1.11)
      os (>= 0.9, < 2.0)
      signet (~> 0.14)
    httpclient (2.8.3)
    json (2.6.1)
    json (2.6.1-java)
    jwt (2.3.0)
    memoist (0.16.2)
    mini_mime (1.1.2)
    multi_json (1.15.0)
    multipart-post (2.1.1)
    mustermann (1.1.1)
      ruby2_keywords (~> 0.0.1)
    net-ldap (0.17.0)
    nio4r (2.5.8)
    nio4r (2.5.8-java)
    nokogiri (1.12.5-java)
      racc (~> 1.4)
    nokogiri (1.12.5-x86_64-linux)
      racc (~> 1.4)
    opentelemetry-api (0.17.0)
    opentelemetry-common (0.17.0)
      opentelemetry-api (~> 0.17.0)
    opentelemetry-exporter-jaeger (0.17.0)
      opentelemetry-api (~> 0.17.0)
      opentelemetry-common (~> 0.17.0)
      opentelemetry-sdk (~> 0.17.0)
      thrift
    opentelemetry-instrumentation-base (0.17.0)
      opentelemetry-api (~> 0.17.0)
    opentelemetry-instrumentation-concurrent_ruby (0.17.0)
      opentelemetry-api (~> 0.17.0)
      opentelemetry-instrumentation-base (~> 0.17.0)
    opentelemetry-instrumentation-redis (0.17.0)
      opentelemetry-api (~> 0.17.0)
      opentelemetry-common (~> 0.17.0)
      opentelemetry-instrumentation-base (~> 0.17.0)
    opentelemetry-instrumentation-sinatra (0.17.0)
      opentelemetry-api (~> 0.17.0)
      opentelemetry-instrumentation-base (~> 0.17.0)
    opentelemetry-resource_detectors (0.17.0)
      google-cloud-env
      opentelemetry-sdk
    opentelemetry-sdk (0.17.0)
      opentelemetry-api (~> 0.17.0)
      opentelemetry-common (~> 0.17.0)
      opentelemetry-instrumentation-base (~> 0.17.0)
    optimist (3.0.1)
    os (1.1.4)
    pickup (0.0.11)
    prometheus-client (2.1.0)
    public_suffix (4.0.6)
    puma (5.5.2)
      nio4r (~> 2.0)
    puma (5.5.2-java)
      nio4r (~> 2.0)
    racc (1.6.0)
    racc (1.6.0-java)
    rack (2.2.3)
    rack-protection (2.1.0)
      rack
    rake (13.0.6)
    rbvmomi (3.0.0)
      builder (~> 3.2)
      json (~> 2.3)
      nokogiri (~> 1.10)
      optimist (~> 3.0)
    redis (4.5.1)
    representable (3.1.1)
      declarative (< 0.1.0)
      trailblazer-option (>= 0.1.1, < 0.2.0)
      uber (< 0.2.0)
    retriable (3.1.2)
    rexml (3.2.5)
    ruby2_keywords (0.0.5)
    signet (0.16.0)
      addressable (~> 2.8)
      faraday (>= 0.17.3, < 2.0)
      jwt (>= 1.5, < 3.0)
      multi_json (~> 1.10)
    sinatra (2.1.0)
      mustermann (~> 1.0)
      rack (~> 2.2)
      rack-protection (= 2.1.0)
      tilt (~> 2.0)
    spicy-proton (2.1.13)
      bindata (~> 2.3)
    statsd-ruby (1.5.0)
    thrift (0.15.0)
    tilt (2.0.10)
    trailblazer-option (0.1.2)
    uber (0.1.0)
    webrick (1.7.0)

PLATFORMS
  universal-java-1.8
  x86_64-linux

DEPENDENCIES
  vmpooler!
  vmpooler-provider-gce!
  vmpooler-provider-vsphere!

BUNDLED WITH
   2.2.32
